PATH
  remote: ../r001z
  specs:
    r001z (0.1.0)
      rack (~> 2.0.7)
      webrick

GEM
  remote: https://rubygems.org/
  specs:
    rack (2.0.9.4)
    webrick (1.8.1)

PLATFORMS
  ruby
  x86_64-linux

DEPENDENCIES
  r001z!

BUNDLED WITH
   2.5.12
